PATH
  remote: .
  specs:
    mongomatic_models (0.0.1)
      bcrypt-ruby
      bson_ext
      mongoid

GEM
  remote: http://rubygems.org/
  specs:
    activemodel (3.2.3)
      activesupport (= 3.2.3)
      builder (~> 3.0.0)
    activesupport (3.2.3)
      i18n (~> 0.6)
      multi_json (~> 1.0)
    archive-tar-minitar (0.5.2)
    awesome_print (1.0.2)
    bcrypt-ruby (3.0.1)
    boson (1.1.1)
    bson (1.6.2)
    bson_ext (1.4.0)
    builder (3.0.0)
    clipboard (1.0.1)
    coderay (1.0.6)
    columnize (0.3.6)
    every_day_irb (1.2.2)
    fancy_irb (0.7.2)
      paint (>= 0.8.1)
      unicode-display_width (>= 0.1.1)
    g (1.6.0)
      ruby_gntp
    guard (0.8.8)
      thor (~> 0.14.6)
    guard-minitest (0.4.0)
      guard (~> 0.4)
    hirb (0.6.2)
    i18n (0.6.0)
    interactive_editor (0.0.10)
      spoon (>= 0.0.1)
    irbtools (1.2.2)
      awesome_print (~> 1.0.2)
      boson (~> 1.1.1)
      clipboard (~> 1.0.1)
      coderay (~> 1.0.5)
      every_day_irb (>= 1.2.2)
      fancy_irb (>= 0.7.2)
      g (>= 1.5.0)
      hirb (~> 0.6.1)
      interactive_editor (>= 0.0.10)
      method_locator (>= 0.0.4)
      method_source (>= 0.7.0)
      methodfinder (>= 1.2.5)
      ori (~> 0.1.0)
      paint (>= 0.8.4)
      sketches (>= 0.1.1)
      wirb (>= 0.4.2)
      zucker (>= 12.1)
    linecache19 (0.5.12)
      ruby_core_source (>= 0.1.4)
    method_locator (0.0.4)
    method_source (0.7.1)
    methodfinder (1.2.5)
    mongo (1.6.2)
      bson (~> 1.6.2)
    mongoid (2.4.7)
      activemodel (~> 3.1)
      mongo (~> 1.3)
      tzinfo (~> 0.3.22)
    multi_json (1.2.0)
    ori (0.1.0)
    paint (0.8.4)
    ruby-debug-base19 (0.11.25)
      columnize (>= 0.3.1)
      linecache19 (>= 0.5.11)
      ruby_core_source (>= 0.1.4)
    ruby-debug19 (0.11.6)
      columnize (>= 0.3.1)
      linecache19 (>= 0.5.11)
      ruby-debug-base19 (>= 0.11.19)
    ruby_core_source (0.1.5)
      archive-tar-minitar (>= 0.5.2)
    ruby_gntp (0.3.4)
    sketches (0.1.1)
    slim (1.2.0)
      temple (~> 0.4.0)
      tilt (~> 1.3.3)
    spoon (0.0.1)
    temple (0.4.0)
    thor (0.14.6)
    tilt (1.3.3)
    tzinfo (0.3.32)
    unicode-display_width (0.1.1)
    wirb (0.4.2)
    zucker (12.1)

PLATFORMS
  ruby

DEPENDENCIES
  bcrypt-ruby
  bson_ext
  guard-minitest
  irbtools
  mongoid
  mongomatic_models!
  ruby-debug19
  slim
  tilt
